PATH
  remote: .
  specs:
    leap_web_help (0.6.0)

GEM
  remote: https://rubygems.org/
  specs:

PLATFORMS
  ruby

DEPENDENCIES
  leap_web_help!
